GEM
  remote: https://rubygems.org/
  specs:
    activesupport (4.2.3)
      i18n (~> 0.7)
      json (~> 1.7, >= 1.7.7)
      minitest (~> 5.1)
      thread_safe (~> 0.3, >= 0.3.4)
      tzinfo (~> 1.1)
    bowler (1.2.0)
      foreman (>= 0.35.0)
    foreman (0.78.0)
      thor (~> 0.19.1)
    gviz (0.3.5)
      thor
    i18n (0.7.0)
    json (1.8.3)
    minitest (5.8.0)
    prettyprint (0.0.1)
      thor
    rake (10.4.2)
    thor (0.19.1)
    thread_safe (0.3.5)
    tzinfo (1.2.2)
      thread_safe (~> 0.1)

PLATFORMS
  ruby

DEPENDENCIES
  activesupport
  bowler
  gviz
  prettyprint
  rake
